GEM
  remote: http://rubygems.org/
  specs:
    chronic (0.8.0)
    coderay (1.0.8)
    daemons (1.1.9)
    ethon (0.5.3)
      ffi (~> 1.0.11)
      mime-types (~> 1.18)
    eventmachine (1.0.0)
    ffi (1.0.11)
    method_source (0.8.1)
    mime-types (1.19)
    pry (0.9.10)
      coderay (~> 1.0.5)
      method_source (~> 0.8)
      slop (~> 3.3.1)
    rack (1.4.1)
    rack-protection (1.2.0)
      rack
    shotgun (0.9)
      rack (>= 1.0)
    sinatra (1.3.3)
      rack (~> 1.3, >= 1.3.6)
      rack-protection (~> 1.2)
      tilt (~> 1.3, >= 1.3.3)
    slop (3.3.3)
    thin (1.5.0)
      daemons (>= 1.0.9)
      eventmachine (>= 0.12.6)
      rack (>= 1.0.0)
    tilt (1.3.3)
    typhoeus (0.5.1)
      ethon (= 0.5.3)

PLATFORMS
  ruby

DEPENDENCIES
  chronic
  pry
  shotgun
  sinatra
  thin
  typhoeus
